PATH
  remote: .
  specs:
    classifier-reborn (2.0.0)
      fast-stemmer (>= 1.0.0)

GEM
  remote: https://rubygems.org/
  specs:
    fast-stemmer (1.0.2)
    json (1.8.1)
    rake (10.1.1)
    rdoc (4.1.0)
      json (~> 1.4)

PLATFORMS
  ruby

DEPENDENCIES
  classifier-reborn!
  rake
  rdoc
